GEM
  remote: https://rubygems.org/
  specs:
    bacon (1.2.0)
    pg (0.18.4)
    rack (1.6.4)
    rack-protection (1.5.3)
      rack
    sequel (4.37.0)
    sinatra (1.4.7)
      rack (~> 1.5)
      rack-protection (~> 1.4)
      tilt (>= 1.3, < 3)
    sinatra-sequel (0.9.0)
      bacon
      sequel (>= 3.2.0)
      sinatra (>= 0.9.4)
    tilt (2.0.5)

PLATFORMS
  ruby

DEPENDENCIES
  pg
  sinatra
  sinatra-sequel

RUBY VERSION
   ruby 2.3.1p112

BUNDLED WITH
   1.12.5
